GEM
  specs:

GEM
  remote: https://rubygems.org/
  specs:
    colorize (0.8.1)
    commonmarker (0.23.9)
    csv2md (1.1.3)
    imgkit (1.6.2)
    wkhtmltoimage-binary (0.12.5)

PLATFORMS
  ruby

DEPENDENCIES
  colorize!
  commonmarker!
  csv2md!
  imgkit!
  wkhtmltoimage-binary!

BUNDLED WITH
   2.0.1
